GEM
  remote: https://rubygems.org/
  specs:
    coderay (1.1.3)
    discordrb (3.5.0)
      discordrb-webhooks (~> 3.5.0)
      ffi (>= 1.9.24)
      opus-ruby
      rest-client (>= 2.0.0)
      websocket-client-simple (>= 0.3.0)
    discordrb-webhooks (3.5.0)
      rest-client (>= 2.0.0)
    domain_name (0.6.20240107)
    dotenv (3.1.2)
    event_emitter (0.2.6)
    ffi (1.16.3)
    http-accept (1.7.0)
    http-cookie (1.0.5)
      domain_name (~> 0.5)
    method_source (1.1.0)
    mime-types (3.5.2)
      mime-types-data (~> 3.2015)
    mime-types-data (3.2024.0507)
    mini_portile2 (2.8.6)
    netrc (0.11.0)
    opus-ruby (1.0.1)
      ffi
    pry (0.14.2)
      coderay (~> 1.1)
      method_source (~> 1.0)
    rest-client (2.1.0)
      http-accept (>= 1.7.0, < 2.0)
      http-cookie (>= 1.0.2, < 2.0)
      mime-types (>= 1.16, < 4.0)
      netrc (~> 0.8)
    sqlite3 (2.0.2)
      mini_portile2 (~> 2.8.0)
    sqlite3 (2.0.2-x86_64-linux-gnu)
    websocket (1.2.10)
    websocket-client-simple (0.8.0)
      event_emitter
      websocket

PLATFORMS
  ruby
  x86_64-linux

DEPENDENCIES
  discordrb (~> 3.5.0)
  dotenv (~> 3.1.2)
  pry (~> 0.14.2)
  sqlite3 (~> 2.0.2)

RUBY VERSION
   ruby 3.3.1p55

BUNDLED WITH
   2.5.9
